PATH
  remote: .
  specs:
    redbus (0.0.1)
      redis (~> 4.0)
      redis-objects (~> 1.4)

GEM
  remote: https://rubygems.org/
  specs:
    awesome_print (1.8.0)
    diff-lcs (1.3)
    mock_redis (0.21.0)
    rake (10.5.0)
    redis (4.1.2)
    redis-objects (1.4.3)
      redis (~> 4.0)
    rspec (3.8.0)
      rspec-core (~> 3.8.0)
      rspec-expectations (~> 3.8.0)
      rspec-mocks (~> 3.8.0)
    rspec-core (3.8.2)
      rspec-support (~> 3.8.0)
    rspec-expectations (3.8.4)
      diff-lcs (>= 1.2.0, < 2.0)
      rspec-support (~> 3.8.0)
    rspec-mocks (3.8.1)
      diff-lcs (>= 1.2.0, < 2.0)
      rspec-support (~> 3.8.0)
    rspec-support (3.8.2)

PLATFORMS
  ruby

DEPENDENCIES
  awesome_print
  bundler (~> 1.17)
  mock_redis
  rake (~> 10.0)
  redbus!
  rspec (~> 3.8)

BUNDLED WITH
   1.17.2
